GEM
  remote: https://rubygems.org/
  specs:
    minitest (5.5.1)
    rake (10.4.2)

PLATFORMS
  x64-mingw32

DEPENDENCIES
  minitest
  rake
